GEM
  specs:
    byebug (11.1.3)
    coderay (1.1.3)
    line_notify (1.0.1)
    method_source (1.0.0)
    mini_portile2 (2.4.0)
    nokogiri (1.10.10)
      mini_portile2 (~> 2.4.0)
    pry (0.13.1)
      coderay (~> 1.1)
      method_source (~> 1.0)
    pry-byebug (3.9.0)
      byebug (~> 11.0)
      pry (~> 0.13.0)

PLATFORMS
  x86_64-darwin-19

DEPENDENCIES
  line_notify
  nokogiri
  pry-byebug

BUNDLED WITH
   2.2.4
